GEM
  remote: https://rubygems.org/
  specs:
    fileutils (0.7)
      rmagick (>= 2.13.1)
    mhackmd_brew (0.0.1)
    mhackmd_dock (0.0.7)
    mhackmd_editor (0.1.1)
    mhackmd_finder (0.0.2)
    mhackmd_gem (0.1.1)
    mhackmd_mac (0.1.5)
    mhackmd_web (0.1.3)
    rainbow (2.0.0)
    rmagick (2.13.4)

PLATFORMS
  ruby

DEPENDENCIES
  fileutils (~> 0.7)
  mhackmd_brew
  mhackmd_dock
  mhackmd_editor
  mhackmd_finder
  mhackmd_gem
  mhackmd_mac
  mhackmd_web
  rainbow
